PATH
  remote: .
  specs:
    hexlet_code (0.1.0)

GEM
  remote: https://rubygems.org/
  specs:
    minitest (5.17.0)
    rake (12.3.3)

PLATFORMS
  x86_64-linux

DEPENDENCIES
  hexlet_code!
  minitest (~> 5.0)
  rake (~> 12.0)

BUNDLED WITH
   2.4.1
